GEM
  remote: http://rubygems.org/
  specs:
    directory_watcher (1.4.1)
    mustache (0.99.4)
    nokogiri (1.5.5)
    psych (1.3.3)
    rack (1.4.1)
    redcarpet (2.1.1)
    right_aws (3.0.4)
      right_http_connection (>= 1.2.5)
    right_http_connection (1.3.0)
    ruhoh (1.0.0.alpha)
      directory_watcher (~> 1.4)
      mustache (~> 0.99)
      nokogiri (~> 1.5)
      psych (~> 1.3)
      rack (~> 1.4)
      redcarpet (~> 2.1)

PLATFORMS
  ruby

DEPENDENCIES
  right_aws
  ruhoh (= 1.0.0.alpha)
